GEM
  remote: http://rubygems.org/
  specs:
    actionmailer (2.3.5)
      actionpack (= 2.3.5)
    actionpack (2.3.5)
      activesupport (= 2.3.5)
      rack (~> 1.0.0)
    activerecord (2.3.5)
      activesupport (= 2.3.5)
    activesupport (2.3.5)
    mysql (2.8.1)
    rack (1.0.1)
    rake (0.8.7)
    rspec (1.3.0)

PLATFORMS
  ruby

DEPENDENCIES
  actionmailer (= 2.3.5)
  actionmailer (= 2.3.5)
  activerecord (= 2.3.5)
  activerecord (= 2.3.5)
  bundler (= 1.0.0.beta.5)
  mysql
  mysql
  rake (= 0.8.7)
  rspec (= 1.3.0)
  rspec (= 1.3.0)
  rspec (= 1.3.0)
